GEM
  remote: https://rubygems.org/
  specs:
    actionmailer (3.2.22)
      actionpack (= 3.2.22)
      mail (~> 2.5.4)
    actionpack (3.2.22)
      activemodel (= 3.2.22)
      activesupport (= 3.2.22)
      builder (~> 3.0.0)
      erubis (~> 2.7.0)
      journey (~> 1.0.4)
      rack (~> 1.4.5)
      rack-cache (~> 1.2)
      rack-test (~> 0.6.1)
      sprockets (~> 2.2.1)
    active_model_serializers (0.6.0)
      activemodel (>= 3.0)
    active_utils (2.2.3)
      activesupport (>= 2.3.11)
      i18n
    activemerchant (1.43.3)
      active_utils (~> 2.0, >= 2.0.1)
      activesupport (>= 2.3.14, < 5.0.0)
      builder (>= 2.1.2, < 4.0.0)
      i18n (~> 0.5)
      json (~> 1.7)
      money (< 7.0.0)
      nokogiri (~> 1.4)
    activemodel (3.2.22)
      activesupport (= 3.2.22)
      builder (~> 3.0.0)
    activerecord (3.2.22)
      activemodel (= 3.2.22)
      activesupport (= 3.2.22)
      arel (~> 3.0.2)
      tzinfo (~> 0.3.29)
    activerecord-import (0.3.1)
      activerecord (~> 3.0)
      activerecord (~> 3.0)
    activeresource (3.2.22)
      activemodel (= 3.2.22)
      activesupport (= 3.2.22)
    activesupport (3.2.22)
      i18n (~> 0.6, >= 0.6.4)
      multi_json (~> 1.0)
    acts-as-taggable-on (2.3.3)
      rails (~> 3.0)
    addressable (2.2.8)
    airbrake (4.3.3)
      builder
      multi_json
    angularjs-rails (1.0.7)
    arel (3.0.3)
    artfully_ose (1.3.0.pre3)
      active_model_serializers (= 0.6.0)
      activemerchant (~> 1.43.0)
      activerecord-import (= 0.3.1)
      acts-as-taggable-on (~> 2.3.3)
      airbrake (>= 4.1.0)
      audited-activerecord (~> 3.0)
      aws-sdk (~> 1.34.1)
      bootstrap-will_paginate
      braintree (~> 2.13.0)
      cancan (= 1.6.7)
      comma (= 3.0.3)
      delayed_job (= 3.0.2)
      delayed_job_active_record (= 0.3.2)
      devise (= 2.0.5)
      devise_invitable (= 1.0.2)
      devise_suspendable (= 0.6.1)
      dynamic_form (= 1.1.4)
      geocoder (= 1.1.9)
      gibbon (= 1.1.4)
      gravatar_image_tag
      haml (~> 3.1)
      macaddr (= 1.6.1)
      mail (~> 2.5.4)
      paperclip (~> 3.5.2)
      rails (>= 3.2.22)
      redis (= 3.2.0)
      rqrcode_png (= 0.1.1)
      s3 (>= 0.3.11)
      sass (= 3.3.5)
      set_watch_for (= 0.0.1)
      slicer (= 0.0.2)
      slugged (= 1.1.0)
      sunspot_rails (= 1.3.3)
      swiper (= 0.0.3)
      text-table (= 1.2.2)
      transitions (= 0.1.13)
      uuid (= 2.3.5)
      validates_timeliness
      will_paginate (~> 3.0)
    audited (3.0.0)
    audited-activerecord (3.0.0)
      activerecord (~> 3.0)
      audited (= 3.0.0)
    aws-sdk (1.34.1)
      json (~> 1.4)
      nokogiri (>= 1.4.4)
      uuidtools (~> 2.1)
    bcrypt (3.1.10)
    bcrypt-ruby (3.1.5)
      bcrypt (>= 3.1.3)
    bootstrap-will_paginate (0.0.10)
      will_paginate
    braintree (2.13.4)
      builder (>= 2.0.0)
    builder (3.0.4)
    cancan (1.6.7)
    chunky_png (1.3.5)
    climate_control (0.0.3)
      activesupport (>= 3.0)
    cocaine (0.5.7)
      climate_control (>= 0.0.3, < 1.0)
    coffee-rails (3.2.2)
      coffee-script (>= 2.2.0)
      railties (~> 3.2.0)
    coffee-script (2.2.0)
      coffee-script-source
      execjs
    coffee-script-source (1.3.3)
    comma (3.0.3)
    delayed_job (3.0.2)
      activesupport (~> 3.0)
    delayed_job_active_record (0.3.2)
      activerecord (> 2.1.0)
      delayed_job (~> 3.0.0)
    devise (2.0.5)
      bcrypt-ruby (~> 3.0)
      orm_adapter (~> 0.0.3)
      railties (~> 3.1)
      warden (~> 1.1.1)
    devise_invitable (1.0.2)
      devise (>= 2.0.0)
      rails (~> 3.0)
    devise_suspendable (0.6.1)
      devise
      rails (>= 3.0.4)
      warden
    dynamic_form (1.1.4)
    erubis (2.7.0)
    execjs (1.4.0)
      multi_json (~> 1.0)
    font-awesome-sass (4.0.3.1)
      sass (~> 3.2)
    geocoder (1.1.9)
    gibbon (1.1.4)
      httparty
      multi_json (>= 1.3.4)
    gravatar_image_tag (1.2.0)
    haml (3.1.8)
    hike (1.2.3)
    httparty (0.13.7)
      json (~> 1.8)
      multi_xml (>= 0.5.2)
    i18n (0.7.0)
    journey (1.0.4)
    jquery-rails (2.0.2)
      railties (>= 3.2.0, < 5.0)
      thor (~> 0.14)
    json (1.8.3)
    kgio (2.8.0)
    launchy (2.1.0)
      addressable (~> 2.2.6)
    letter_opener (1.0.0)
      launchy (>= 2.0.4)
    macaddr (1.6.1)
      systemu (~> 2.5.0)
    mail (2.5.4)
      mime-types (~> 1.16)
      treetop (~> 1.4.8)
    mime-types (1.25.1)
    mini_portile (0.6.2)
    money (6.6.1)
      i18n (>= 0.6.4, <= 0.7.0)
    multi_json (1.11.2)
    multi_xml (0.5.5)
    mysql2 (0.3.11)
    nokogiri (1.6.6.3)
      mini_portile (~> 0.6.0)
    orm_adapter (0.0.7)
    paperclip (3.5.4)
      activemodel (>= 3.0.0)
      activesupport (>= 3.0.0)
      cocaine (~> 0.5.3)
      mime-types
    polyglot (0.3.5)
    pr_geohash (1.0.0)
    proxies (0.2.1)
    rack (1.4.7)
    rack-cache (1.5.1)
      rack (>= 0.4)
    rack-ssl (1.3.4)
      rack
    rack-test (0.6.3)
      rack (>= 1.0)
    rails (3.2.22)
      actionmailer (= 3.2.22)
      actionpack (= 3.2.22)
      activerecord (= 3.2.22)
      activeresource (= 3.2.22)
      activesupport (= 3.2.22)
      bundler (~> 1.0)
      railties (= 3.2.22)
    railties (3.2.22)
      actionpack (= 3.2.22)
      activesupport (= 3.2.22)
      rack-ssl (~> 1.3.2)
      rake (>= 0.8.7)
      rdoc (~> 3.4)
      thor (>= 0.14.6, < 2.0)
    raindrops (0.10.0)
    rake (10.4.2)
    rdoc (3.12.2)
      json (~> 1.4)
    redis (3.2.0)
    rqrcode (0.7.0)
      chunky_png
    rqrcode_png (0.1.1)
      chunky_png
      rqrcode
    rsolr (1.0.13)
      builder (>= 2.1.2)
    s3 (0.3.23)
      proxies (~> 0.2.0)
    sass (3.3.5)
    sass-rails (3.2.6)
      railties (~> 3.2.0)
      sass (>= 3.1.10)
      tilt (~> 1.3)
    set_watch_for (0.0.1)
    slicer (0.0.2)
    slugged (1.1.0)
      activerecord (~> 3.0)
      activesupport (~> 3.0)
      uuid
    sprockets (2.2.3)
      hike (~> 1.2)
      multi_json (~> 1.0)
      rack (~> 1.0)
      tilt (~> 1.1, != 1.3.0)
    sqlite3 (1.3.6)
    sunspot (1.3.3)
      pr_geohash (~> 1.0)
      rsolr (~> 1.0.7)
    sunspot_rails (1.3.3)
      nokogiri
      sunspot (= 1.3.3)
    sunspot_solr (1.3.3)
    swiper (0.0.3)
    systemu (2.5.2)
    text-table (1.2.2)
    thor (0.19.1)
    tilt (1.4.1)
    timeliness (0.3.7)
    transitions (0.1.13)
    treetop (1.4.15)
      polyglot
      polyglot (>= 0.3.1)
    tzinfo (0.3.45)
    uglifier (1.2.7)
      execjs (>= 0.3.0)
      multi_json (~> 1.3)
    unicorn (4.6.2)
      kgio (~> 2.6)
      rack
      raindrops (~> 0.7)
    unicorn-worker-killer (0.4.1)
      unicorn (~> 4)
    uuid (2.3.5)
      macaddr (~> 1.0)
    uuidtools (2.1.5)
    validates_timeliness (3.0.14)
      timeliness (~> 0.3.6)
    warden (1.1.1)
      rack (>= 1.0)
    will_paginate (3.0.7)
    wisepdf (1.4.0)
    wkhtmltopdf-binary-edge (0.12.2.1)

PLATFORMS
  ruby

DEPENDENCIES
  airbrake
  angularjs-rails
  artfully_ose (= 1.3.0.pre3)
  coffee-rails (~> 3.2.1)
  font-awesome-sass (~> 4.0.3.1)
  jquery-rails
  letter_opener
  mysql2 (= 0.3.11)
  rails (= 3.2.22)
  sass-rails (~> 3.2.5)
  sqlite3
  sunspot_solr (= 1.3.3)
  uglifier (>= 1.2.5)
  unicorn (~> 4.6.2)
  unicorn-worker-killer
  wisepdf (= 1.4.0)
  wkhtmltopdf-binary-edge (~> 0.12.2.1)
